PATH
  remote: .
  specs:
    createsend (0.2.1)
      hashie (~> 1.0)
      httparty (~> 0.7)
      json

GEM
  remote: http://rubygems.org/
  specs:
    crack (0.1.8)
    fakeweb (1.3.0)
    hashie (1.0.0)
    httparty (0.7.4)
      crack (= 0.1.8)
    jnunemaker-matchy (0.4.0)
    json (1.5.1)
    mocha (0.9.12)
    shoulda (2.11.3)

PLATFORMS
  ruby

DEPENDENCIES
  createsend!
  fakeweb (~> 1.3)
  jnunemaker-matchy (~> 0.4)
  mocha (~> 0.9)
  shoulda (~> 2.11)
