PATH
  remote: .
  specs:
    createsend (1.0.0)
      hashie (~> 1.0)
      httparty (~> 0.8)
      json

GEM
  remote: http://rubygems.org/
  specs:
    fakeweb (1.3.0)
    hashie (1.0.0)
    httparty (0.8.0)
      multi_json
      multi_xml
    jnunemaker-matchy (0.4.0)
    json (1.5.1)
    mocha (0.9.12)
    multi_json (0.0.5)
    multi_xml (0.4.0)
    shoulda (2.11.3)

PLATFORMS
  ruby

DEPENDENCIES
  createsend!
  fakeweb (~> 1.3)
  jnunemaker-matchy (~> 0.4)
  mocha (~> 0.9)
  shoulda (~> 2.11)
